GEM
  remote: http://rubygems.org/
  specs:
    activesupport (3.2.8)
      i18n (~> 0.6)
      multi_json (~> 1.0)
    backports (2.6.5)
    coderay (1.0.8)
    eventmachine (1.0.0)
    eventmachine (1.0.0-java)
    haml (3.1.7)
    i18n (0.6.1)
    magic-cards (0.1.1)
      nokogiri
    mana-symbols (0.1.0)
    method_source (0.8.1)
    multi_json (1.3.7)
    nokogiri (1.5.5)
    picky-client (4.11.2)
      activesupport (>= 3.0)
      yajl-ruby
    pry (0.9.10)
      coderay (~> 1.0.5)
      method_source (~> 0.8)
      slop (~> 3.3.1)
    rack (1.4.1)
    rack-protection (1.2.0)
      rack
    rack-test (0.6.2)
      rack (>= 1.0)
    sinatra (1.3.3)
      rack (~> 1.3, >= 1.3.6)
      rack-protection (~> 1.2)
      tilt (~> 1.3, >= 1.3.3)
    sinatra-contrib (1.3.2)
      backports (>= 2.0)
      eventmachine
      rack-protection
      rack-test
      sinatra (~> 1.3.0)
      tilt (~> 1.3)
    sinatra-reloader (1.0)
      sinatra-contrib
    slop (3.3.3)
    tilt (1.3.3)
    yajl-ruby (1.1.0)

PLATFORMS
  java
  ruby

DEPENDENCIES
  activesupport
  haml
  i18n
  magic-cards (= 0.1.1)
  mana-symbols
  picky-client (~> 4.0)
  pry
  sinatra
  sinatra-reloader
