GEM
  remote: http://rubygems.org/
  specs:
    activemodel (3.2.8)
      activesupport (= 3.2.8)
      builder (~> 3.0.0)
    activerecord (3.2.8)
      activemodel (= 3.2.8)
      activesupport (= 3.2.8)
      arel (~> 3.0.2)
      tzinfo (~> 0.3.29)
    activesupport (3.2.8)
      i18n (~> 0.6)
      multi_json (~> 1.0)
    arel (3.0.2)
    builder (3.0.4)
    cod (0.5.0)
    coderay (1.0.8)
    diff-lcs (1.1.3)
    i18n (0.6.1)
    kgio (2.7.4)
    magic-cards (0.1.1)
      nokogiri
    method_source (0.8.1)
    multi_json (1.3.7)
    nokogiri (1.5.5)
    picky (4.11.3)
      activesupport (>= 3.0)
      multi_json
      rack_fast_escape
      text
    picky-client (4.11.3)
      activesupport (>= 3.0)
      yajl-ruby
    procrastinate (0.4.1)
      cod (~> 0.4)
      state_machine (~> 0.9.4)
    pry (0.9.10)
      coderay (~> 1.0.5)
      method_source (~> 0.8)
      slop (~> 3.3.1)
    rack (1.4.1)
    rack-protection (1.2.0)
      rack
    rack_fast_escape (2009.06.24)
      url_escape
    raindrops (0.10.0)
    rake (0.9.2.2)
    rb-readline (0.4.2)
    rspec (2.11.0)
      rspec-core (~> 2.11.0)
      rspec-expectations (~> 2.11.0)
      rspec-mocks (~> 2.11.0)
    rspec-core (2.11.1)
    rspec-expectations (2.11.3)
      diff-lcs (~> 1.1.3)
    rspec-mocks (2.11.3)
    sinatra (1.3.3)
      rack (~> 1.3, >= 1.3.6)
      rack-protection (~> 1.2)
      tilt (~> 1.3, >= 1.3.3)
    slop (3.3.3)
    state_machine (0.9.4)
    text (1.2.1)
    tilt (1.3.3)
    tzinfo (0.3.35)
    unicorn (4.4.0)
      kgio (~> 2.6)
      rack
      raindrops (~> 0.7)
    url_escape (2009.06.24)
    yajl-ruby (1.1.0)

PLATFORMS
  ruby

DEPENDENCIES
  activerecord (~> 3)
  magic-cards (= 0.1.1)
  multi_json
  picky (~> 4.0)
  picky-client (~> 4.0)
  procrastinate (~> 0.4)
  pry
  rack
  rack_fast_escape (= 2009.06.24)
  rake
  rb-readline
  rspec
  sinatra
  text
  unicorn
  yajl-ruby
